PATH
  remote: .
  specs:
    rubyhorn (0.0.1)
      activemodel
      activesupport
      json
      mime-types
      multipart-post
      net-http-digest_auth
      om

GEM
  remote: http://rubygems.org/
  specs:
    activemodel (3.1.3)
      activesupport (= 3.1.3)
      builder (~> 3.0.0)
      i18n (~> 0.6)
    activesupport (3.1.3)
      multi_json (~> 1.0)
    builder (3.0.0)
    diff-lcs (1.1.3)
    i18n (0.6.0)
    json (1.6.3)
    mediashelf-loggable (0.4.8)
      mediashelf-loggable
    mime-types (1.17.2)
    multi_json (1.0.4)
    multipart-post (1.1.3)
    net-http-digest_auth (1.2)
    nokogiri (1.5.0)
    om (1.4.3)
      mediashelf-loggable
      nokogiri (>= 1.4.2)
    rake (0.9.2.2)
    rspec (2.7.0)
      rspec-core (~> 2.7.0)
      rspec-expectations (~> 2.7.0)
      rspec-mocks (~> 2.7.0)
    rspec-core (2.7.1)
    rspec-expectations (2.7.0)
      diff-lcs (~> 1.1.2)
    rspec-mocks (2.7.0)
    shoulda (2.11.3)
    yard (0.7.4)

PLATFORMS
  ruby

DEPENDENCIES
  bundler (>= 1.0.14)
  rake
  rspec
  rubyhorn!
  shoulda
  yard
