GIT
  remote: git://github.com/cjcolvar/felixwrapper.git
  revision: e97c6a3e1d49a6b8257080c60b6aba882dadf5a7
  specs:
    felixwrapper (0.0.1)
      activesupport (>= 3.0.0)
      childprocess
      i18n
      logger
      mediashelf-loggable

PATH
  remote: .
  specs:
    rubyhorn (0.0.1)
      activemodel
      activesupport
      json
      mime-types
      multipart-post
      net-http-digest_auth
      om

GEM
  remote: http://rubygems.org/
  specs:
    activemodel (3.2.1)
      activesupport (= 3.2.1)
      builder (~> 3.0.0)
    activesupport (3.2.1)
      i18n (~> 0.6)
      multi_json (~> 1.0)
    builder (3.0.0)
    childprocess (0.3.1)
      ffi (~> 1.0.6)
    diff-lcs (1.1.3)
    ffi (1.0.11)
    i18n (0.6.0)
    json (1.6.5)
    logger (1.2.8)
    mediashelf-loggable (0.4.9)
    mime-types (1.17.2)
    multi_json (1.1.0)
    multipart-post (1.1.5)
    net-http-digest_auth (1.2)
    nokogiri (1.5.0)
    om (1.5.2)
      mediashelf-loggable
      nokogiri (>= 1.4.2)
    rake (0.9.2.2)
    rspec (2.8.0)
      rspec-core (~> 2.8.0)
      rspec-expectations (~> 2.8.0)
      rspec-mocks (~> 2.8.0)
    rspec-core (2.8.0)
    rspec-expectations (2.8.0)
      diff-lcs (~> 1.1.2)
    rspec-mocks (2.8.0)
    rspec_junit_formatter (0.1.1)
      builder
      rspec (~> 2.0)
    shoulda (2.11.3)
    yard (0.7.5)

PLATFORMS
  ruby

DEPENDENCIES
  bundler (>= 1.0.14)
  felixwrapper!
  rake
  rspec
  rspec_junit_formatter
  rubyhorn!
  shoulda
  yard
